PATH
  remote: .
  specs:
    simplygenius-atmos (0.11.12)
      activesupport (>= 5.2.4.3)
      aws-sdk-cloudwatchlogs
      aws-sdk-core
      aws-sdk-ecr
      aws-sdk-ecs
      aws-sdk-iam
      aws-sdk-organizations
      aws-sdk-s3
      aws-sdk-ssm
      clamp (~> 1.3.0)
      climate_control (~> 0.2.0)
      clipboard (~> 1.1.2)
      deepsort
      diffy
      gem_logger (~> 0.3.0)
      git (~> 1.5.0)
      hashie (~> 3.6.0)
      highline (~> 2.0.0)
      inifile (~> 3.0.0)
      logging (~> 2.2.2)
      os (~> 1.0.0)
      rainbow (~> 3.0.0)
      rotp (~> 3.3.1)
      rubyzip (~> 1.3.0)
      sigdump (~> 0.2.4)
      thor (~> 0.19.4)

GEM
  remote: https://rubygems.org/
  specs:
    activesupport (5.2.4.4)
      concurrent-ruby (~> 1.0, >= 1.0.2)
      i18n (>= 0.7, < 2)
      minitest (~> 5.1)
      tzinfo (~> 1.1)
    addressable (2.7.0)
      public_suffix (>= 2.0.2, < 5.0)
    aws-eventstream (1.1.0)
    aws-partitions (1.380.0)
    aws-sdk-cloudwatchlogs (1.38.0)
      aws-sdk-core (~> 3, >= 3.109.0)
      aws-sigv4 (~> 1.1)
    aws-sdk-core (3.109.0)
      aws-eventstream (~> 1, >= 1.0.2)
      aws-partitions (~> 1, >= 1.239.0)
      aws-sigv4 (~> 1.1)
      jmespath (~> 1.0)
    aws-sdk-ecr (1.39.0)
      aws-sdk-core (~> 3, >= 3.109.0)
      aws-sigv4 (~> 1.1)
    aws-sdk-ecs (1.70.0)
      aws-sdk-core (~> 3, >= 3.109.0)
      aws-sigv4 (~> 1.1)
    aws-sdk-iam (1.46.0)
      aws-sdk-core (~> 3, >= 3.109.0)
      aws-sigv4 (~> 1.1)
    aws-sdk-kms (1.39.0)
      aws-sdk-core (~> 3, >= 3.109.0)
      aws-sigv4 (~> 1.1)
    aws-sdk-organizations (1.52.0)
      aws-sdk-core (~> 3, >= 3.109.0)
      aws-sigv4 (~> 1.1)
    aws-sdk-s3 (1.83.0)
      aws-sdk-core (~> 3, >= 3.109.0)
      aws-sdk-kms (~> 1)
      aws-sigv4 (~> 1.1)
    aws-sdk-ssm (1.93.0)
      aws-sdk-core (~> 3, >= 3.109.0)
      aws-sigv4 (~> 1.1)
    aws-sigv4 (1.2.2)
      aws-eventstream (~> 1, >= 1.0.2)
    byebug (11.1.1)
    clamp (1.3.2)
    climate_control (0.2.0)
    clipboard (1.1.2)
    coderay (1.1.2)
    concurrent-ruby (1.1.7)
    coveralls (0.7.1)
      multi_json (~> 1.3)
      rest-client
      simplecov (>= 0.7)
      term-ansicolor
      thor
    crack (0.4.3)
      safe_yaml (~> 1.0.0)
    deepsort (0.4.5)
    diff-lcs (1.3)
    diffy (3.4.0)
    docile (1.3.2)
    domain_name (0.5.20190701)
      unf (>= 0.0.5, < 1.0.0)
    gem_logger (0.3.0)
      activesupport
    git (1.5.0)
    hashdiff (1.0.0)
    hashie (3.6.0)
    highline (2.0.3)
    http-accept (1.7.0)
    http-cookie (1.0.3)
      domain_name (~> 0.5)
    i18n (1.8.5)
      concurrent-ruby (~> 1.0)
    inifile (3.0.0)
    jmespath (1.4.0)
    little-plugger (1.1.4)
    logging (2.2.2)
      little-plugger (~> 1.1)
      multi_json (~> 1.10)
    method_source (0.9.2)
    mime-types (3.3.1)
      mime-types-data (~> 3.2015)
    mime-types-data (3.2019.1009)
    minitest (5.14.2)
    multi_json (1.14.1)
    netrc (0.11.0)
    os (1.0.1)
    pry (0.12.2)
      coderay (~> 1.1.0)
      method_source (~> 0.9.0)
    pry-byebug (3.8.0)
      byebug (~> 11.0)
      pry (~> 0.10)
    public_suffix (4.0.3)
    rainbow (3.0.0)
    rake (13.0.1)
    rest-client (2.1.0)
      http-accept (>= 1.7.0, < 2.0)
      http-cookie (>= 1.0.2, < 2.0)
      mime-types (>= 1.16, < 4.0)
      netrc (~> 0.8)
    rotp (3.3.1)
    rspec (3.9.0)
      rspec-core (~> 3.9.0)
      rspec-expectations (~> 3.9.0)
      rspec-mocks (~> 3.9.0)
    rspec-core (3.9.1)
      rspec-support (~> 3.9.1)
    rspec-expectations (3.9.0)
      diff-lcs (>= 1.2.0, < 2.0)
      rspec-support (~> 3.9.0)
    rspec-mocks (3.9.1)
      diff-lcs (>= 1.2.0, < 2.0)
      rspec-support (~> 3.9.0)
    rspec-support (3.9.2)
    rubyzip (1.3.0)
    safe_yaml (1.0.5)
    sigdump (0.2.4)
    simplecov (0.18.2)
      docile (~> 1.1)
      simplecov-html (~> 0.11)
    simplecov-html (0.12.0)
    sync (0.5.0)
    term-ansicolor (1.7.1)
      tins (~> 1.0)
    test_construct (2.0.2)
    thor (0.19.4)
    thread_safe (0.3.6)
    tins (1.24.1)
      sync
    tzinfo (1.2.7)
      thread_safe (~> 0.1)
    unf (0.1.4)
      unf_ext
    unf_ext (0.0.7.6)
    vcr (5.1.0)
    webmock (3.8.2)
      addressable (>= 2.3.6)
      crack (>= 0.3.2)
      hashdiff (>= 0.4.0, < 2.0.0)

PLATFORMS
  ruby

DEPENDENCIES
  bundler (~> 2.0)
  coveralls
  pry
  pry-byebug
  rake (>= 12.3.3)
  rspec
  simplecov
  simplygenius-atmos!
  test_construct
  vcr
  webmock

BUNDLED WITH
   2.1.4
