PATH
  remote: .
  specs:
    simplygenius-atmos (0.13.1)
      activesupport (>= 5.2.4.3)
      aws-sdk-cloudwatchlogs
      aws-sdk-core
      aws-sdk-ecr
      aws-sdk-ecs
      aws-sdk-iam
      aws-sdk-organizations
      aws-sdk-s3
      aws-sdk-ssm
      clamp (~> 1.3.0)
      climate_control (~> 0.2.0)
      clipboard (~> 1.1.2)
      deepsort
      diffy
      gem_logger (~> 0.3.0)
      git (~> 1.5.0)
      hashie (~> 3.6.0)
      highline (~> 2.0.0)
      inifile (~> 3.0.0)
      logging (~> 2.2.2)
      os (~> 1.0.0)
      rainbow (~> 3.0.0)
      rotp (~> 3.3.1)
      rubyzip (~> 1.3.0)
      sigdump (~> 0.2.4)
      thor (~> 0.19.4)

GEM
  remote: https://rubygems.org/
  specs:
    activesupport (6.1.1)
      concurrent-ruby (~> 1.0, >= 1.0.2)
      i18n (>= 1.6, < 2)
      minitest (>= 5.1)
      tzinfo (~> 2.0)
      zeitwerk (~> 2.3)
    addressable (2.7.0)
      public_suffix (>= 2.0.2, < 5.0)
    aws-eventstream (1.1.0)
    aws-partitions (1.415.0)
    aws-sdk-cloudwatchlogs (1.38.0)
      aws-sdk-core (~> 3, >= 3.109.0)
      aws-sigv4 (~> 1.1)
    aws-sdk-core (3.111.2)
      aws-eventstream (~> 1, >= 1.0.2)
      aws-partitions (~> 1, >= 1.239.0)
      aws-sigv4 (~> 1.1)
      jmespath (~> 1.0)
    aws-sdk-ecr (1.40.0)
      aws-sdk-core (~> 3, >= 3.109.0)
      aws-sigv4 (~> 1.1)
    aws-sdk-ecs (1.73.0)
      aws-sdk-core (~> 3, >= 3.109.0)
      aws-sigv4 (~> 1.1)
    aws-sdk-iam (1.46.0)
      aws-sdk-core (~> 3, >= 3.109.0)
      aws-sigv4 (~> 1.1)
    aws-sdk-kms (1.40.0)
      aws-sdk-core (~> 3, >= 3.109.0)
      aws-sigv4 (~> 1.1)
    aws-sdk-organizations (1.55.0)
      aws-sdk-core (~> 3, >= 3.109.0)
      aws-sigv4 (~> 1.1)
    aws-sdk-s3 (1.87.0)
      aws-sdk-core (~> 3, >= 3.109.0)
      aws-sdk-kms (~> 1)
      aws-sigv4 (~> 1.1)
    aws-sdk-ssm (1.101.0)
      aws-sdk-core (~> 3, >= 3.109.0)
      aws-sigv4 (~> 1.1)
    aws-sigv4 (1.2.2)
      aws-eventstream (~> 1, >= 1.0.2)
    byebug (11.1.3)
    clamp (1.3.2)
    climate_control (0.2.0)
    clipboard (1.1.2)
    coderay (1.1.3)
    concurrent-ruby (1.1.7)
    coveralls (0.8.23)
      json (>= 1.8, < 3)
      simplecov (~> 0.16.1)
      term-ansicolor (~> 1.3)
      thor (>= 0.19.4, < 2.0)
      tins (~> 1.6)
    crack (0.4.4)
    deepsort (0.4.5)
    diff-lcs (1.4.4)
    diffy (3.4.0)
    docile (1.3.2)
    gem_logger (0.3.0)
      activesupport
    git (1.5.0)
    hashdiff (1.0.1)
    hashie (3.6.0)
    highline (2.0.3)
    i18n (1.8.7)
      concurrent-ruby (~> 1.0)
    inifile (3.0.0)
    jmespath (1.4.0)
    json (2.3.1)
    little-plugger (1.1.4)
    logging (2.2.2)
      little-plugger (~> 1.1)
      multi_json (~> 1.10)
    method_source (1.0.0)
    minitest (5.14.3)
    multi_json (1.15.0)
    os (1.0.1)
    pry (0.13.1)
      coderay (~> 1.1)
      method_source (~> 1.0)
    pry-byebug (3.9.0)
      byebug (~> 11.0)
      pry (~> 0.13.0)
    public_suffix (4.0.6)
    rainbow (3.0.0)
    rake (13.0.1)
    rotp (3.3.1)
    rspec (3.9.0)
      rspec-core (~> 3.9.0)
      rspec-expectations (~> 3.9.0)
      rspec-mocks (~> 3.9.0)
    rspec-core (3.9.3)
      rspec-support (~> 3.9.3)
    rspec-expectations (3.9.2)
      diff-lcs (>= 1.2.0, < 2.0)
      rspec-support (~> 3.9.0)
    rspec-mocks (3.9.1)
      diff-lcs (>= 1.2.0, < 2.0)
      rspec-support (~> 3.9.0)
    rspec-support (3.9.3)
    rubyzip (1.3.0)
    sigdump (0.2.4)
    simplecov (0.16.1)
      docile (~> 1.1)
      json (>= 1.8, < 3)
      simplecov-html (~> 0.10.0)
    simplecov-html (0.10.2)
    sync (0.5.0)
    term-ansicolor (1.7.1)
      tins (~> 1.0)
    test_construct (2.0.2)
    thor (0.19.4)
    tins (1.26.0)
      sync
    tzinfo (2.0.4)
      concurrent-ruby (~> 1.0)
    vcr (6.0.0)
    webmock (3.9.2)
      addressable (>= 2.3.6)
      crack (>= 0.3.2)
      hashdiff (>= 0.4.0, < 2.0.0)
    zeitwerk (2.4.2)

PLATFORMS
  ruby

DEPENDENCIES
  bundler (~> 2.0)
  concurrent-ruby
  coveralls (>= 0.8.23)
  pry
  pry-byebug
  rake (>= 12.3.3)
  rspec
  simplecov
  simplygenius-atmos!
  test_construct
  vcr
  webmock

BUNDLED WITH
   2.2.6
