PATH
  remote: .
  specs:
    simplygenius-atmos (0.14.0)
      activesupport (>= 5.2.4.3)
      aws-sdk-cloudwatchlogs
      aws-sdk-core
      aws-sdk-ecr
      aws-sdk-ecs
      aws-sdk-iam
      aws-sdk-organizations
      aws-sdk-s3
      aws-sdk-ssm
      clamp (~> 1.3.0)
      climate_control (~> 0.2.0)
      clipboard (~> 1.1.2)
      deepsort
      diffy
      gem_logger (~> 0.3.0)
      git (~> 1.11.0)
      hashie (~> 3.6.0)
      highline (~> 2.0.0)
      inifile (~> 3.0.0)
      logging (~> 2.2.2)
      os (~> 1.0.0)
      rainbow (~> 3.0.0)
      rotp (~> 3.3.1)
      rubyzip (~> 1.3.0)
      sigdump (~> 0.2.4)
      thor (~> 0.20.3)

GEM
  remote: https://rubygems.org/
  specs:
    activesupport (7.0.3)
      concurrent-ruby (~> 1.0, >= 1.0.2)
      i18n (>= 1.6, < 2)
      minitest (>= 5.1)
      tzinfo (~> 2.0)
    addressable (2.8.0)
      public_suffix (>= 2.0.2, < 5.0)
    aws-eventstream (1.2.0)
    aws-partitions (1.588.0)
    aws-sdk-cloudwatchlogs (1.52.0)
      aws-sdk-core (~> 3, >= 3.127.0)
      aws-sigv4 (~> 1.1)
    aws-sdk-core (3.131.0)
      aws-eventstream (~> 1, >= 1.0.2)
      aws-partitions (~> 1, >= 1.525.0)
      aws-sigv4 (~> 1.1)
      jmespath (~> 1.0)
    aws-sdk-ecr (1.56.0)
      aws-sdk-core (~> 3, >= 3.127.0)
      aws-sigv4 (~> 1.1)
    aws-sdk-ecs (1.99.0)
      aws-sdk-core (~> 3, >= 3.127.0)
      aws-sigv4 (~> 1.1)
    aws-sdk-iam (1.68.0)
      aws-sdk-core (~> 3, >= 3.127.0)
      aws-sigv4 (~> 1.1)
    aws-sdk-kms (1.57.0)
      aws-sdk-core (~> 3, >= 3.127.0)
      aws-sigv4 (~> 1.1)
    aws-sdk-organizations (1.70.0)
      aws-sdk-core (~> 3, >= 3.127.0)
      aws-sigv4 (~> 1.1)
    aws-sdk-s3 (1.114.0)
      aws-sdk-core (~> 3, >= 3.127.0)
      aws-sdk-kms (~> 1)
      aws-sigv4 (~> 1.4)
    aws-sdk-ssm (1.137.0)
      aws-sdk-core (~> 3, >= 3.127.0)
      aws-sigv4 (~> 1.1)
    aws-sigv4 (1.5.0)
      aws-eventstream (~> 1, >= 1.0.2)
    byebug (11.1.3)
    clamp (1.3.2)
    climate_control (0.2.0)
    clipboard (1.1.2)
    coderay (1.1.3)
    concurrent-ruby (1.1.10)
    coveralls_reborn (0.24.0)
      simplecov (>= 0.18.1, < 0.22.0)
      term-ansicolor (~> 1.6)
      thor (>= 0.20.3, < 2.0)
      tins (~> 1.16)
    crack (0.4.5)
      rexml
    deepsort (0.4.5)
    diff-lcs (1.5.0)
    diffy (3.4.0)
    docile (1.4.0)
    gem_logger (0.3.0)
      activesupport
    git (1.11.0)
      rchardet (~> 1.8)
    hashdiff (1.0.1)
    hashie (3.6.0)
    highline (2.0.3)
    i18n (1.10.0)
      concurrent-ruby (~> 1.0)
    inifile (3.0.0)
    jmespath (1.6.1)
    little-plugger (1.1.4)
    logging (2.2.2)
      little-plugger (~> 1.1)
      multi_json (~> 1.10)
    method_source (1.0.0)
    minitest (5.15.0)
    multi_json (1.15.0)
    os (1.0.1)
    pry (0.13.1)
      coderay (~> 1.1)
      method_source (~> 1.0)
    pry-byebug (3.9.0)
      byebug (~> 11.0)
      pry (~> 0.13.0)
    public_suffix (4.0.7)
    rainbow (3.0.0)
    rake (13.0.6)
    rchardet (1.8.0)
    rexml (3.2.5)
    rotp (3.3.1)
    rspec (3.11.0)
      rspec-core (~> 3.11.0)
      rspec-expectations (~> 3.11.0)
      rspec-mocks (~> 3.11.0)
    rspec-core (3.11.0)
      rspec-support (~> 3.11.0)
    rspec-expectations (3.11.0)
      diff-lcs (>= 1.2.0, < 2.0)
      rspec-support (~> 3.11.0)
    rspec-mocks (3.11.1)
      diff-lcs (>= 1.2.0, < 2.0)
      rspec-support (~> 3.11.0)
    rspec-support (3.11.0)
    rubyzip (1.3.0)
    sigdump (0.2.4)
    simplecov (0.21.2)
      docile (~> 1.1)
      simplecov-html (~> 0.11)
      simplecov_json_formatter (~> 0.1)
    simplecov-html (0.12.3)
    simplecov_json_formatter (0.1.4)
    sync (0.5.0)
    term-ansicolor (1.7.1)
      tins (~> 1.0)
    test_construct (2.0.2)
    thor (0.20.3)
    tins (1.31.1)
      sync
    tzinfo (2.0.4)
      concurrent-ruby (~> 1.0)
    vcr (6.1.0)
    webmock (3.14.0)
      addressable (>= 2.8.0)
      crack (>= 0.3.2)
      hashdiff (>= 0.4.0, < 2.0.0)

PLATFORMS
  arm64-darwin-21
  x86_64-linux

DEPENDENCIES
  bundler (~> 2.0)
  concurrent-ruby
  coveralls_reborn (~> 0.24.0)
  pry
  pry-byebug
  rake (>= 12.3.3)
  rspec
  simplecov
  simplygenius-atmos!
  test_construct
  vcr
  webmock

BUNDLED WITH
   2.3.7
