PATH
  remote: .
  specs:
    simplygenius-atmos (0.11.10)
      activesupport (~> 5.2.1)
      aws-sdk-cloudwatchlogs
      aws-sdk-core
      aws-sdk-ecr
      aws-sdk-ecs
      aws-sdk-iam
      aws-sdk-organizations
      aws-sdk-s3
      aws-sdk-ssm
      clamp (~> 1.3.0)
      climate_control (~> 0.2.0)
      clipboard (~> 1.1.2)
      deepsort
      diffy
      gem_logger (~> 0.3.0)
      git (~> 1.5.0)
      hashie (~> 3.6.0)
      highline (~> 2.0.0)
      logging (~> 2.2.2)
      os (~> 1.0.0)
      rainbow (~> 3.0.0)
      rotp (~> 3.3.1)
      rubyzip (~> 1.3.0)
      sigdump (~> 0.2.4)
      thor (~> 0.19.4)

GEM
  remote: https://rubygems.org/
  specs:
    activesupport (5.2.4.1)
      concurrent-ruby (~> 1.0, >= 1.0.2)
      i18n (>= 0.7, < 2)
      minitest (~> 5.1)
      tzinfo (~> 1.1)
    addressable (2.7.0)
      public_suffix (>= 2.0.2, < 5.0)
    aws-eventstream (1.0.3)
    aws-partitions (1.274.0)
    aws-sdk-cloudwatchlogs (1.28.0)
      aws-sdk-core (~> 3, >= 3.71.0)
      aws-sigv4 (~> 1.1)
    aws-sdk-core (3.90.1)
      aws-eventstream (~> 1.0, >= 1.0.2)
      aws-partitions (~> 1, >= 1.239.0)
      aws-sigv4 (~> 1.1)
      jmespath (~> 1.0)
    aws-sdk-ecr (1.25.0)
      aws-sdk-core (~> 3, >= 3.71.0)
      aws-sigv4 (~> 1.1)
    aws-sdk-ecs (1.57.0)
      aws-sdk-core (~> 3, >= 3.71.0)
      aws-sigv4 (~> 1.1)
    aws-sdk-iam (1.33.0)
      aws-sdk-core (~> 3, >= 3.71.0)
      aws-sigv4 (~> 1.1)
    aws-sdk-kms (1.29.0)
      aws-sdk-core (~> 3, >= 3.71.0)
      aws-sigv4 (~> 1.1)
    aws-sdk-organizations (1.36.0)
      aws-sdk-core (~> 3, >= 3.71.0)
      aws-sigv4 (~> 1.1)
    aws-sdk-s3 (1.60.2)
      aws-sdk-core (~> 3, >= 3.83.0)
      aws-sdk-kms (~> 1)
      aws-sigv4 (~> 1.1)
    aws-sdk-ssm (1.71.0)
      aws-sdk-core (~> 3, >= 3.71.0)
      aws-sigv4 (~> 1.1)
    aws-sigv4 (1.1.0)
      aws-eventstream (~> 1.0, >= 1.0.2)
    byebug (10.0.2)
    clamp (1.3.1)
    climate_control (0.2.0)
    clipboard (1.1.2)
    coderay (1.1.2)
    concurrent-ruby (1.1.6)
    coveralls (0.8.23)
      json (>= 1.8, < 3)
      simplecov (~> 0.16.1)
      term-ansicolor (~> 1.3)
      thor (>= 0.19.4, < 2.0)
      tins (~> 1.6)
    crack (0.4.3)
      safe_yaml (~> 1.0.0)
    deepsort (0.4.3)
    diff-lcs (1.3)
    diffy (3.3.0)
    docile (1.3.2)
    gem_logger (0.3.0)
      activesupport
    git (1.5.0)
    hashdiff (1.0.0)
    hashie (3.6.0)
    highline (2.0.3)
    i18n (1.8.2)
      concurrent-ruby (~> 1.0)
    jmespath (1.4.0)
    json (2.2.0)
    little-plugger (1.1.4)
    logging (2.2.2)
      little-plugger (~> 1.1)
      multi_json (~> 1.10)
    method_source (0.9.2)
    minitest (5.14.0)
    multi_json (1.14.1)
    os (1.0.1)
    pry (0.11.3)
      coderay (~> 1.1.0)
      method_source (~> 0.9.0)
    pry-byebug (3.6.0)
      byebug (~> 10.0)
      pry (~> 0.10)
    public_suffix (4.0.1)
    rainbow (3.0.0)
    rake (10.5.0)
    rotp (3.3.1)
    rspec (3.9.0)
      rspec-core (~> 3.9.0)
      rspec-expectations (~> 3.9.0)
      rspec-mocks (~> 3.9.0)
    rspec-core (3.9.0)
      rspec-support (~> 3.9.0)
    rspec-expectations (3.9.0)
      diff-lcs (>= 1.2.0, < 2.0)
      rspec-support (~> 3.9.0)
    rspec-mocks (3.9.0)
      diff-lcs (>= 1.2.0, < 2.0)
      rspec-support (~> 3.9.0)
    rspec-support (3.9.0)
    rubyzip (1.3.0)
    safe_yaml (1.0.5)
    sigdump (0.2.4)
    simplecov (0.16.1)
      docile (~> 1.1)
      json (>= 1.8, < 3)
      simplecov-html (~> 0.10.0)
    simplecov-html (0.10.2)
    term-ansicolor (1.7.1)
      tins (~> 1.0)
    test_construct (2.0.2)
    thor (0.19.4)
    thread_safe (0.3.6)
    tins (1.21.1)
    tzinfo (1.2.6)
      thread_safe (~> 0.1)
    vcr (4.0.0)
    webmock (3.3.0)
      addressable (>= 2.3.6)
      crack (>= 0.3.2)
      hashdiff

PLATFORMS
  ruby

DEPENDENCIES
  bundler (~> 2.0)
  coveralls (~> 0.8)
  pry (~> 0.11.3)
  pry-byebug (~> 3.6.0)
  rake (~> 10.0)
  rspec (~> 3.7)
  simplecov (~> 0.10)
  simplygenius-atmos!
  test_construct (~> 2.0.1)
  vcr (~> 4.0.0)
  webmock (~> 3.3.0)

BUNDLED WITH
   2.1.4
